GEM
  remote: https://rubygems.org/
  specs:
    puma (3.4.0)
    rack (1.6.4)

PLATFORMS
  ruby

DEPENDENCIES
  puma
  rack

RUBY VERSION
   ruby 2.4.1p111

BUNDLED WITH
   1.15.1
